GEM
  remote: https://rubygems.org/
  specs:
    bubble-wrap (1.1.5)
    rake (10.0.4)
    sugarcube (0.20.16)

PLATFORMS
  ruby

DEPENDENCIES
  bubble-wrap (< 1.2)
  rake
  sugarcube
